{
	"Modality": "MR",
	"MagneticFieldStrength": 3,
	"Manufacturer": "Siemens",
	"ManufacturersModelName": "Skyra",
	"InstitutionName": "University_of_Oregon",
	"InstitutionalDepartmentName": "LCNI",
	"InstitutionAddress": "Franklin_Blvd_1440_Eugene_Oregon_US_97403",
	"DeviceSerialNumber": "45348",
	"StationName": "AWP45348",
	"BodyPartExamined": "BRAIN",
	"PatientPosition": "HFS",
	"ProcedureStepDescription": "bamlab_Zeithamova_AEPET2",
	"SoftwareVersions": "syngo_MR_E11",
	"MRAcquisitionType": "2D",
	"SeriesDescription": "EXPO3",
	"ProtocolName": "EXPO3",
	"ScanningSequence": "EP",
	"SequenceVariant": "SK_SS",
	"ScanOptions": "FS",
	"SequenceName": "epfid2d1_104",
	"ImageType": ["ORIGINAL", "PRIMARY", "M", "MB", "ND", "NORM", "MOSAIC"],
	"SeriesNumber": 11,
	"AcquisitionTime": "12:41:10.127500",
	"AcquisitionNumber": 1,
	"ImageComments": "Unaliased_MB3_PE4",
	"SliceThickness": 2,
	"SpacingBetweenSlices": 2,
	"SAR": 0.104959,
	"EchoTime": 0.025,
	"RepetitionTime": 2,
	"FlipAngle": 90,
	"PartialFourier": 1,
	"BaseResolution": 104,
	"ShimSetting": [
		-5421,
		6906,
		9196,
		405,
		-1875,
		-2182,
		1830,
		707	],
	"TxRefAmp": 324.997,
	"PhaseResolution": 1,
	"ReceiveCoilName": "Head_32",
	"ReceiveCoilActiveElements": "HEA;HEP",
	"PulseSequenceDetails": "%CustomerSeq%_cmrr_mbep2d_bold",
	"ConsistencyInfo": "N4_VE11C_LATEST_20160120",
	"MultibandAccelerationFactor": 3,
	"PercentPhaseFOV": 100,
	"EchoTrainLength": 51,
	"PhaseEncodingSteps": 103,
	"AcquisitionMatrixPE": 104,
	"ReconMatrixPE": 104,
	"BandwidthPerPixelPhaseEncode": 28.703,
	"ParallelReductionFactorInPlane": 2,
	"EffectiveEchoSpacing": 0.000334996,
	"DerivedVendorReportedEchoSpacing": 0.000669992,
	"TotalReadoutTime": 0.0345046,
	"PixelBandwidth": 1780,
	"DwellTime": 2.7e-06,
	"PhaseEncodingDirection": "j-",
	"SliceTiming": [
		0,
		0.905,
		1.8125,
		0.74,
		1.6475,
		0.5775,
		1.4825,
		0.4125,
		1.3175,
		0.2475,
		1.1525,
		0.0825,
		0.9875,
		1.895,
		0.8225,
		1.73,
		0.66,
		1.565,
		0.495,
		1.4,
		0.33,
		1.235,
		0.165,
		1.07,
		0,
		0.905,
		1.8125,
		0.74,
		1.6475,
		0.5775,
		1.4825,
		0.4125,
		1.3175,
		0.2475,
		1.1525,
		0.0825,
		0.9875,
		1.895,
		0.8225,
		1.73,
		0.66,
		1.565,
		0.495,
		1.4,
		0.33,
		1.235,
		0.165,
		1.07,
		0,
		0.905,
		1.8125,
		0.74,
		1.6475,
		0.5775,
		1.4825,
		0.4125,
		1.3175,
		0.2475,
		1.1525,
		0.0825,
		0.9875,
		1.895,
		0.8225,
		1.73,
		0.66,
		1.565,
		0.495,
		1.4,
		0.33,
		1.235,
		0.165,
		1.07	],
	"ImageOrientationPatientDICOM": [
		0.996501,
		0.00696426,
		-0.0832898,
		-0.0415915,
		0.905696,
		-0.421883	],
	"InPlanePhaseEncodingDirectionDICOM": "COL",
	"ConversionSoftware": "dcm2niix",
	"ConversionSoftwareVersion": "v1.0.20180404 GCC4.8.5"
}
