{
	"Modality": "MR",
	"MagneticFieldStrength": 3,
	"Manufacturer": "Siemens",
	"ManufacturersModelName": "Skyra",
	"InstitutionName": "University_of_Oregon",
	"InstitutionalDepartmentName": "LCNI",
	"InstitutionAddress": "Franklin_Blvd_1440_Eugene_Oregon_US_97403",
	"DeviceSerialNumber": "45348",
	"StationName": "AWP45348",
	"BodyPartExamined": "BRAIN",
	"PatientPosition": "HFS",
	"ProcedureStepDescription": "bamlab_Zeithamova_AEPET2",
	"SoftwareVersions": "syngo_MR_E11",
	"MRAcquisitionType": "3D",
	"SeriesDescription": "mprage_p2_ND",
	"ProtocolName": "mprage_p2",
	"ScanningSequence": "GR_IR",
	"SequenceVariant": "SK_SP_MP",
	"ScanOptions": "IR",
	"SequenceName": "_tfl3d1_16ns",
	"ImageType": ["ORIGINAL", "PRIMARY", "M", "ND", "NORM"],
	"SeriesNumber": 8,
	"AcquisitionTime": "10:54:14.482500",
	"AcquisitionNumber": 1,
	"SliceThickness": 1,
	"SAR": 0.0688443,
	"EchoTime": 0.00343,
	"RepetitionTime": 2.5,
	"InversionTime": 1.1,
	"FlipAngle": 7,
	"PartialFourier": 1,
	"BaseResolution": 256,
	"ShimSetting": [
		-5308,
		6724,
		9004,
		482,
		-1612,
		-2402,
		2388,
		725	],
	"TxRefAmp": 326.548,
	"PhaseResolution": 1,
	"ReceiveCoilName": "Head_32",
	"ReceiveCoilActiveElements": "HEA;HEP",
	"PulseSequenceDetails": "%SiemensSeq%_tfl",
	"ConsistencyInfo": "N4_VE11C_LATEST_20160120",
	"PercentPhaseFOV": 100,
	"PhaseEncodingSteps": 255,
	"AcquisitionMatrixPE": 256,
	"ReconMatrixPE": 256,
	"ParallelReductionFactorInPlane": 2,
	"PixelBandwidth": 190,
	"DwellTime": 1.03e-05,
	"ImageOrientationPatientDICOM": [
		-0.0184073,
		0.999831,
		5.04777e-09,
		0.0718238,
		0.00132231,
		-0.997416	],
	"InPlanePhaseEncodingDirectionDICOM": "ROW",
	"ConversionSoftware": "dcm2niix",
	"ConversionSoftwareVersion": "v1.0.20180404 GCC4.8.5"
}
