{
	"Modality": "MR",
	"MagneticFieldStrength": 3,
	"Manufacturer": "Siemens",
	"ManufacturersModelName": "Skyra",
	"InstitutionName": "University_of_Oregon",
	"InstitutionalDepartmentName": "LCNI",
	"InstitutionAddress": "Franklin_Blvd_1440_Eugene_Oregon_US_97403",
	"DeviceSerialNumber": "45348",
	"StationName": "AWP45348",
	"BodyPartExamined": "BRAIN",
	"PatientPosition": "HFS",
	"ProcedureStepDescription": "bamlab_Zeithamova_AEPET2",
	"SoftwareVersions": "syngo_MR_E11",
	"MRAcquisitionType": "2D",
	"SeriesDescription": "t2_tse_cor65slice_2avg.+",
	"ProtocolName": "t2_tse_cor65slice_2avg.+",
	"ScanningSequence": "SE",
	"SequenceVariant": "SK_SP_OSP",
	"SequenceName": "_tse2d1_18",
	"ImageType": ["ORIGINAL", "PRIMARY", "M", "NORM", "DIS2D"],
	"SeriesNumber": 14,
	"AcquisitionTime": "16:15:37.585000",
	"AcquisitionNumber": 1,
	"SliceThickness": 2,
	"SpacingBetweenSlices": 2,
	"SAR": 0.600287,
	"EchoTime": 0.088,
	"RepetitionTime": 13.52,
	"FlipAngle": 150,
	"PartialFourier": 1,
	"BaseResolution": 512,
	"ShimSetting": [
		-5285,
		6851,
		8671,
		-65,
		-1314,
		-2629,
		2110,
		1587	],
	"TxRefAmp": 324.782,
	"PhaseResolution": 1,
	"ReceiveCoilName": "Head_32",
	"ReceiveCoilActiveElements": "HEA;HEP",
	"PulseSequenceDetails": "%SiemensSeq%_tse",
	"ConsistencyInfo": "N4_VE11C_LATEST_20160120",
	"PercentPhaseFOV": 100,
	"EchoTrainLength": 18,
	"PhaseEncodingSteps": 540,
	"AcquisitionMatrixPE": 512,
	"ReconMatrixPE": 512,
	"ParallelReductionFactorInPlane": 2,
	"PixelBandwidth": 220,
	"DwellTime": 4.4e-06,
	"PhaseEncodingDirection": "i",
	"ImageOrientationPatientDICOM": [
		0.998808,
		0.0488166,
		1.01396e-09,
		-0.0108911,
		0.222836,
		-0.974795	],
	"InPlanePhaseEncodingDirectionDICOM": "ROW",
	"ConversionSoftware": "dcm2niix",
	"ConversionSoftwareVersion": "v1.0.20180404 GCC4.8.5"
}
