{
	"Modality": "MR",
	"MagneticFieldStrength": 3,
	"Manufacturer": "Siemens",
	"ManufacturersModelName": "Skyra",
	"InstitutionName": "University_of_Oregon",
	"InstitutionalDepartmentName": "LCNI",
	"InstitutionAddress": "Franklin_Blvd_1440_Eugene_Oregon_US_97403",
	"DeviceSerialNumber": "45348",
	"StationName": "AWP45348",
	"BodyPartExamined": "BRAIN",
	"PatientPosition": "HFS",
	"ProcedureStepDescription": "bamlab_Zeithamova_AEPET2",
	"SoftwareVersions": "syngo_MR_E11",
	"MRAcquisitionType": "2D",
	"SeriesDescription": "Rest",
	"ProtocolName": "Rest",
	"ScanningSequence": "EP",
	"SequenceVariant": "SK_SS",
	"ScanOptions": "FS",
	"SequenceName": "epfid2d1_104",
	"ImageType": ["ORIGINAL", "PRIMARY", "M", "MB", "ND", "NORM", "MOSAIC"],
	"SeriesNumber": 5,
	"AcquisitionTime": "15:38:33.680000",
	"AcquisitionNumber": 1,
	"ImageComments": "Unaliased_MB3_PE4",
	"SliceThickness": 2,
	"SpacingBetweenSlices": 2,
	"SAR": 0.111293,
	"EchoTime": 0.025,
	"RepetitionTime": 2,
	"FlipAngle": 90,
	"PartialFourier": 1,
	"BaseResolution": 104,
	"ShimSetting": [
		-5305,
		6750,
		9171,
		294,
		-1709,
		-2311,
		2411,
		834	],
	"TxRefAmp": 324.542,
	"PhaseResolution": 1,
	"ReceiveCoilName": "Head_32",
	"ReceiveCoilActiveElements": "HEA;HEP",
	"PulseSequenceDetails": "%CustomerSeq%_cmrr_mbep2d_bold",
	"ConsistencyInfo": "N4_VE11C_LATEST_20160120",
	"MultibandAccelerationFactor": 3,
	"PercentPhaseFOV": 100,
	"EchoTrainLength": 51,
	"PhaseEncodingSteps": 103,
	"AcquisitionMatrixPE": 104,
	"ReconMatrixPE": 104,
	"BandwidthPerPixelPhaseEncode": 28.703,
	"ParallelReductionFactorInPlane": 2,
	"EffectiveEchoSpacing": 0.000334996,
	"DerivedVendorReportedEchoSpacing": 0.000669992,
	"TotalReadoutTime": 0.0345046,
	"PixelBandwidth": 1780,
	"DwellTime": 2.7e-06,
	"PhaseEncodingDirection": "j-",
	"SliceTiming": [
		0,
		0.9075,
		1.8125,
		0.7425,
		1.6475,
		0.5775,
		1.4825,
		0.4125,
		1.3175,
		0.2475,
		1.1525,
		0.0825,
		0.99,
		1.895,
		0.825,
		1.73,
		0.66,
		1.565,
		0.495,
		1.4,
		0.33,
		1.235,
		0.165,
		1.0725,
		0,
		0.9075,
		1.8125,
		0.7425,
		1.6475,
		0.5775,
		1.4825,
		0.4125,
		1.3175,
		0.2475,
		1.1525,
		0.0825,
		0.99,
		1.895,
		0.825,
		1.73,
		0.66,
		1.565,
		0.495,
		1.4,
		0.33,
		1.235,
		0.165,
		1.0725,
		0,
		0.9075,
		1.8125,
		0.7425,
		1.6475,
		0.5775,
		1.4825,
		0.4125,
		1.3175,
		0.2475,
		1.1525,
		0.0825,
		0.99,
		1.895,
		0.825,
		1.73,
		0.66,
		1.565,
		0.495,
		1.4,
		0.33,
		1.235,
		0.165,
		1.0725	],
	"ImageOrientationPatientDICOM": [
		0.999085,
		-0.0137657,
		0.0404872,
		0.027209,
		0.935035,
		-0.35351	],
	"InPlanePhaseEncodingDirectionDICOM": "COL",
	"ConversionSoftware": "dcm2niix",
	"ConversionSoftwareVersion": "v1.0.20180404 GCC4.8.5"
}
